{
	"Manufacturer": "GE",
	"ManufacturersModelName": "DISCOVERY_MR750",
	"ProcedureStepDescription": "Protocolo_Auditivo",
	"ScanningSequence": "EP_GR",
	"SequenceVariant": "SS",
	"SeriesDescription": "fMRI_vocal",
	"ProtocolName": "fMRI_vocal",
	"ImageType": ["ORIGINAL", "PRIMARY", "EPI", "NONE"],
	"AcquisitionDateTime": "2015-01-22T19:32:1.000000",
	"MagneticFieldStrength": 3,
	"FlipAngle": 90,
	"EchoTime": 0.04,
	"RepetitionTime": 3,
	"ConversionSoftware": "dcm2niix",
	"ConversionSoftwareVersion": "v1.0.20170411 GCC4.8.4",
    "SliceTiming": [0,1.5,0.075,1.575,0.15,1.65,0.225,1.725,0.3,1.8,0.375,1.875,0.45,1.95,0.525,2.025,0.6,2.1,0.675,2.175,0.75,2.25,0.825,2.325,0.9,2.4,0.975,2.475,1.05,2.55,1.125,2.625,1.2,2.7,1.275,2.775,1.35,2.85,1.425,2.925]
}