{
	"Manufacturer": "GE",
	"ManufacturersModelName": "DISCOVERY_MR750",
	"ScanningSequence": "EP_GR",
	"SequenceVariant": "SS",
	"SeriesDescription": "fMRI_vocal",
	"ProtocolName": "fMRI_vocal",
	"ImageType": ["ORIGINAL", "PRIMARY", "EPI", "NONE"],
	"AcquisitionDateTime": "2014-09-17T18:30:40.000000",
	"MagneticFieldStrength": 3,
	"FlipAngle": 90,
	"EchoTime": 0.04,
	"RepetitionTime": 3,
	"ConversionSoftware": "dcm2niix",
	"ConversionSoftwareVersion": "v1.0.20170411 GCC4.8.4",
    "SliceTiming": [0,1.54283,0.0857143,1.62854,0.171429,1.71425,0.257143,1.79996,0.342857,1.88567,0.428571,1.97138,0.514285,2.05709,0.599999,2.1428,0.685713,2.22851,0.771427,2.31422,0.857141,2.39993,0.942855,2.48564,1.02857,2.57135,1.11428,2.65706,1.19999,2.74277,1.2857,2.82848,1.37141,2.91419,1.45712]
}