{
	"Manufacturer": "GE",
	"ManufacturersModelName": "DISCOVERY_MR750",
	"ScanningSequence": "EP_GR",
	"SequenceVariant": "SS",
	"SeriesDescription": "fMRI_vocal",
	"ProtocolName": "fMRI_vocal",
	"ImageType": ["ORIGINAL", "PRIMARY", "EPI", "NONE"],
	"AcquisitionDateTime": "2014-10-10T19:33:23.000000",
	"MagneticFieldStrength": 3,
	"FlipAngle": 90,
	"EchoTime": 0.04,
	"RepetitionTime": 3,
	"ConversionSoftware": "dcm2niix",
	"ConversionSoftwareVersion": "v1.0.20170411 GCC4.8.4",
    "SliceTiming": [0,1.54053,0.0810811,1.62161,0.162162,1.70269,0.243243,1.78377,0.324324,1.86485,0.405405,1.94593,0.486486,2.02701,0.567567,2.10809,0.648648,2.18917,0.729729,2.27025,0.81081,2.35133,0.891891,2.43241,0.972972,2.51349,1.05405,2.59457,1.13513,2.67565,1.21621,2.75673,1.29729,2.83781,1.37837,2.91889,1.45945]
}