{
	"Manufacturer": "GE",
	"ManufacturersModelName": "DISCOVERY_MR750",
	"ProcedureStepDescription": "Protocolo_Auditivo",
	"ScanningSequence": "GR",
	"SequenceVariant": "SS_SK",
	"SeriesDescription": "Sag_FSPGR_BRAVO",
	"ProtocolName": "Sag_FSPGR_BRAVO",
	"ImageType": ["ORIGINAL", "PRIMARY", "OTHER"],
	"AcquisitionDateTime": "2015-02-24T20:13:45.000000",
	"MagneticFieldStrength": 3,
	"FlipAngle": 12,
	"EchoTime": 0.003184,
	"RepetitionTime": 0.008176,
	"InversionTime": 0.45,
	"ConversionSoftware": "dcm2niix",
	"ConversionSoftwareVersion": "v1.0.20170411 GCC4.8.4"
}
