{
	"Manufacturer": "GE",
	"ManufacturersModelName": "DISCOVERY_MR750",
	"ProcedureStepDescription": "Protocolo_Auditivo",
	"ScanningSequence": "EP_GR",
	"SequenceVariant": "SS",
	"SeriesDescription": "fMRI_vocal",
	"ProtocolName": "fMRI_vocal",
	"ImageType": ["ORIGINAL", "PRIMARY", "EPI", "NONE"],
	"AcquisitionDateTime": "2015-02-24T19:51:49.000000",
	"MagneticFieldStrength": 3,
	"FlipAngle": 90,
	"EchoTime": 0.04,
	"RepetitionTime": 3,
	"ConversionSoftware": "dcm2niix",
	"ConversionSoftwareVersion": "v1.0.20170411 GCC4.8.4",
    "SliceTiming": [0,1.50001,0.0789474,1.57896,0.157895,1.65791,0.236842,1.73686,0.315789,1.81581,0.394736,1.89476,0.473683,1.97371,0.55263,2.05266,0.631577,2.13161,0.710524,2.21056,0.789471,2.28951,0.868418,2.36846,0.947365,2.44741,1.02631,2.52636,1.10526,2.60531,1.18421,2.68426,1.26316,2.76321,1.34211,2.84216,1.42106,2.92111]
}